GEM
  remote: http://rubygems.org/
  specs:
    activesupport (3.2.8)
      i18n (~> 0.6)
      multi_json (~> 1.0)
    git (1.2.5)
    httparty (0.9.0)
      multi_json (~> 1.0)
      multi_xml
    i18n (0.6.1)
    jeweler (1.6.4)
      bundler (~> 1.0)
      git (>= 1.2.5)
      rake
    multi_json (1.3.6)
    multi_xml (0.5.1)
    rake (0.9.2.2)
    rcov (1.0.0)
    shoulda (3.1.1)
      shoulda-context (~> 1.0)
      shoulda-matchers (~> 1.2)
    shoulda-context (1.0.0)
    shoulda-matchers (1.3.0)
      activesupport (>= 3.0.0)

PLATFORMS
  ruby

DEPENDENCIES
  httparty (>= 0.5, < 1.0)
  jeweler (~> 1.6.4)
  multi_json (~> 1.0)
  rcov
  shoulda
